GEM
  remote: https://rubygems.org/
  specs:
    coderay (1.1.0)
    colorize (0.7.3)
    method_source (0.8.2)
    minitest (5.4.0)
    pry (0.10.0)
      coderay (~> 1.1.0)
      method_source (~> 0.8.1)
      slop (~> 3.4)
    slop (3.6.0)
    terminal-table (1.4.5)

PLATFORMS
  ruby

DEPENDENCIES
  colorize (~> 0.7.3)
  minitest (~> 5.4.0)
  pry
  terminal-table (~> 1.4.5)
